GEM
  remote: http://rubygems.org/
  specs:
    armchair (0.0.2)
      json
      rest-client (>= 1.4.1)
    aws-s3 (0.6.2)
      builder
      mime-types
      xml-simple
    builder (2.1.2)
    crack (0.1.8)
    daemons (1.1.0)
    eventmachine (0.12.10)
    fakeweb (1.2.8)
    httparty (0.6.1)
      crack (= 0.1.8)
    json (1.4.6)
    mime-types (1.16)
    rack (1.2.1)
    rack-test (0.5.4)
      rack (>= 1.0)
    rake (0.8.7)
    rest-client (1.6.0)
      mime-types (>= 1.16)
    rspec (1.3.0)
    sinatra (1.0)
      rack (>= 1.0)
    thin (1.2.7)
      daemons (>= 1.0.9)
      eventmachine (>= 0.12.6)
      rack (>= 1.0.0)
    threadify (1.3.0)
    xml-simple (1.0.12)

PLATFORMS
  ruby

DEPENDENCIES
  armchair
  aws-s3
  fakeweb
  httparty
  json
  rack-test
  rake
  rest-client
  rspec
  sinatra
  thin
  threadify
