GEM
  remote: http://rubygems.org/
  specs:
    armchair (0.0.2)
      json
      rest-client (>= 1.4.1)
    aws-s3 (0.6.2)
      builder
      mime-types
      xml-simple
    builder (3.0.0)
    crack (0.1.8)
    daemons (1.1.0)
    diff-lcs (1.1.2)
    eventmachine (0.12.10)
    fakeweb (1.3.0)
    httparty (0.7.4)
      crack (= 0.1.8)
    json (1.5.1)
    mime-types (1.16)
    rack (1.2.1)
    rack-test (0.5.7)
      rack (>= 1.0)
    rake (0.8.7)
    rest-client (1.6.1)
      mime-types (>= 1.16)
    rspec (2.5.0)
      rspec-core (~> 2.5.0)
      rspec-expectations (~> 2.5.0)
      rspec-mocks (~> 2.5.0)
    rspec-core (2.5.1)
    rspec-expectations (2.5.0)
      diff-lcs (~> 1.1.2)
    rspec-mocks (2.5.0)
    sinatra (1.1.3)
      rack (~> 1.1)
      tilt (>= 1.2.2, < 2.0)
    thin (1.2.8)
      daemons (>= 1.0.9)
      eventmachine (>= 0.12.6)
      rack (>= 1.0.0)
    threadify (1.3.0)
    tilt (1.2.2)
    xml-simple (1.0.14)

PLATFORMS
  ruby

DEPENDENCIES
  armchair
  aws-s3
  fakeweb
  httparty
  json
  rack-test
  rake
  rest-client
  rspec
  sinatra
  thin
  threadify
